PATH
  remote: .
  specs:
    nicetitle (1.0.2)

GEM
  remote: https://rubygems.org/
  specs:
    minitest (5.14.1)
    rake (13.0.1)

PLATFORMS
  ruby

DEPENDENCIES
  bundler (~> 2)
  minitest (~> 5)
  nicetitle!
  rake (~> 13)

BUNDLED WITH
   2.1.4
